{
	"Modality": "MR",
	"MagneticFieldStrength": 3,
	"ImagingFrequency": 127.779,
	"Manufacturer": "Philips",
	"ManufacturersModelName": "Intera",
	"InstitutionName": "OHSU_MRI3",
	"DeviceSerialNumber": "4sEr9bzYud6E",
	"BodyPartExamined": "BRAIN",
	"PatientPosition": "HFS",
	"SoftwareVersions": "3.2.1_3.2.1.1",
	"MRAcquisitionType": "2D",
	"SeriesDescription": "Resting_State_fMRI",
	"ProtocolName": "Resting_State_fMRI",
	"ScanningSequence": "GR",
	"SequenceVariant": "SK",
	"ScanOptions": "FS",
	"ImageType": ["ORIGINAL", "PRIMARY", "M", "FFE", "M", "FFE"],
	"SeriesNumber": 501,
	"AcquisitionTime": "08:14:39.500000",
	"AcquisitionNumber": 5,
	"PhilipsRWVSlope": 1.22222,
	"PhilipsRWVIntercept": 0,
	"PhilipsRescaleSlope": 1.22222,
	"PhilipsRescaleIntercept": 0,
	"PhilipsScaleSlope": 0.000600573,
	"UsePhilipsFloatNotDisplayScaling": 1,
	"SliceThickness": 3.313,
	"SpacingBetweenSlices": 3.313,
	"SAR": 0.0305409,
	"EchoTime": 0.030001,
	"RepetitionTime": 3,
	"FlipAngle": 80,
	"CoilString": "SENSE-Head-8",
	"PartialFourier": 0.936508,
	"PercentPhaseFOV": 93.75,
	"EchoTrainLength": 59,
	"PhaseEncodingSteps": 63,
	"AcquisitionMatrixPE": 63,
	"ReconMatrixPE": 64,
	"PixelBandwidth": 2110,
	"PhaseEncodingAxis": "j",
	"ImageOrientationPatientDICOM": [
		1,
		0,
		0,
		0,
		1,
		0	],
	"InPlanePhaseEncodingDirectionDICOM": "COL",
	"ConversionSoftware": "dcm2niix",
	"ConversionSoftwareVersion": "v1.0.20190902"
}
