{
    "Modality": "MR",
    "MagneticFieldStrength": 3,
    "Manufacturer": "Siemens",
    "ManufacturersModelName": "Biograph_mMR",
    "DeviceSerialNumber": "51010",
    "PatientPosition": "HFS",
    "SoftwareVersions": "syngo_MR_B20P",
    "MRAcquisitionType": "2D",
    "SeriesDescription": "ep2d_boldWU_(EYES_OPEN)",
    "ScanningSequence": "EP",
    "SequenceVariant": "SK",
    "ScanOptions": "FS",
    "SequenceName": "_epfid2d1_64",
    "ImageType": [
        "ORIGINAL",
        "PRIMARY",
        "M",
        "ND",
        "MOSAIC"
    ],
    "AcquisitionTime": "13:39:31.352500",
    "AcquisitionNumber": 1,
    "SliceThickness": 4,
    "SpacingBetweenSlices": 4,
    "SAR": 0.0824166,
    "EchoTime": 0.027,
    "RepetitionTime": 2.2,
    "FlipAngle": 90,
    "PartialFourier": 1,
    "BaseResolution": 64,
    "ShimSetting": [
        -6897,
        14566,
        -5648,
        -98,
        -103,
        8,
        770,
        -271
    ],
    "TxRefAmp": 336.775,
    "PhaseResolution": 1,
    "ReceiveCoilName": "HeadNeck_MRPET",
    "PulseSequenceDetails": "%SiemensSeq%_ep2d_bold",
    "PercentPhaseFOV": 100,
    "PhaseEncodingSteps": 64,
    "AcquisitionMatrixPE": 64,
    "ReconMatrixPE": 64,
    "BandwidthPerPixelPhaseEncode": 31.25,
    "EffectiveEchoSpacing": 0.0005,
    "DerivedVendorReportedEchoSpacing": 0.0005,
    "TotalReadoutTime": 0.0315,
    "PixelBandwidth": 2298,
    "DwellTime": 3.4e-06,
    "PhaseEncodingDirection": "j-",
    "SliceTiming": [
        1.0425,
        2.1475,
        0.9825,
        2.0875,
        0.92,
        2.025,
        0.86,
        1.965,
        0.7975,
        1.9025,
        0.7375,
        1.84,
        0.675,
        1.78,
        0.615,
        1.7175,
        0.5525,
        1.6575,
        0.4925,
        1.595,
        0.43,
        1.535,
        0.37,
        1.4725,
        0.3075,
        1.4125,
        0.245,
        1.35,
        0.185,
        1.29,
        0.1225,
        1.2275,
        0.0625,
        1.1675,
        0,
        1.105
    ],
    "ImageOrientationPatientDICOM": [
        1,
        0,
        0,
        0,
        1,
        0
    ],
    "InPlanePhaseEncodingDirectionDICOM": "COL",
    "ConversionSoftware": "dcm2niix",
    "ConversionSoftwareVersion": "v1.0.20171017 GCC4.4.7"
}